GEM
  remote: https://rubygems.org/
  specs:
    arrayfields (4.9.2)
    byebug (3.5.1)
      columnize (~> 0.8)
      debugger-linecache (~> 1.2)
      slop (~> 3.6)
    chronic (0.10.2)
    columnize (0.9.0)
    debugger-linecache (1.2.0)
    fattr (2.2.2)
    main (6.2.0)
      arrayfields (>= 4.7.4)
      chronic (>= 0.6.2)
      fattr (>= 2.2.0)
      map (>= 6.1.0)
    map (6.5.5)
    metaclass (0.0.4)
    mocha (1.1.0)
      metaclass (~> 0.0.1)
    shoulda-context (1.2.1)
    slop (3.6.0)

PLATFORMS
  ruby

DEPENDENCIES
  byebug
  fattr
  main
  mocha
  shoulda-context

BUNDLED WITH
   1.10.6
